GEM
  remote: http://rubygems.org/
  specs:
    power_assert (0.2.7)
    rake (13.0.1)
    test-unit (3.1.7)
      power_assert

PLATFORMS
  ruby

DEPENDENCIES
  rake (>= 12.3.3)
  test-unit

BUNDLED WITH
   1.17.3
